PATH
  remote: .
  specs:
    SWGOH-API (0.2.6)

GEM
  remote: https://rubygems.org/
  specs:
    minitest (5.14.1)
    rake (12.3.3)

PLATFORMS
  ruby

DEPENDENCIES
  SWGOH-API!
  minitest (~> 5.0)
  rake (~> 12.0)

BUNDLED WITH
   2.1.4
